GIT
  remote: git://github.com/adamcooper/active_layer.git
  revision: da230a7feeec11fb6ed5fd8f7b4ee53d437501ce
  specs:
    active_layer (0.0.10)
      activemodel (> 3.0.0)
      activesupport (> 3.0.0)

GIT
  remote: git://github.com/danielb2/awesome_print.git
  revision: 11294ec164f3374fc5efe1dec01811262c85a16b
  specs:
    awesome_print (0.2.0)

GIT
  remote: git://github.com/redinger/validation_reflection.git
  revision: 97f2e85bf4e4ab764dc1cd912b82bcf87ef7e4b8
  specs:
    validation_reflection (1.0.0)

GIT
  remote: git://github.com/rgrove/sanitize.git
  revision: c45162d8a012cac3362ade7fadc3737095cb1a50
  specs:
    sanitize (2.0.3)
      nokogiri (>= 1.4.4, < 1.6)

GEM
  remote: http://rubygems.org/
  specs:
    abstract (1.0.0)
    actionmailer (3.0.4)
      actionpack (= 3.0.4)
      mail (~> 2.2.15)
    actionpack (3.0.4)
      activemodel (= 3.0.4)
      activesupport (= 3.0.4)
      builder (~> 2.1.2)
      erubis (~> 2.6.6)
      i18n (~> 0.4)
      rack (~> 1.2.1)
      rack-mount (~> 0.6.13)
      rack-test (~> 0.5.7)
      tzinfo (~> 0.3.23)
    activemodel (3.0.4)
      activesupport (= 3.0.4)
      builder (~> 2.1.2)
      i18n (~> 0.4)
    activerecord (3.0.4)
      activemodel (= 3.0.4)
      activesupport (= 3.0.4)
      arel (~> 2.0.2)
      tzinfo (~> 0.3.23)
    activeresource (3.0.4)
      activemodel (= 3.0.4)
      activesupport (= 3.0.4)
    activesupport (3.0.4)
    acts_as_list_with_sti_support (1.0.3)
      rails (>= 3.0.0)
    arel (2.0.10)
    attribute_normalizer (1.1.0)
    aws-s3 (0.6.3)
      builder
      mime-types
      xml-simple
    builder (2.1.2)
    cocaine (0.4.0)
    erubis (2.6.6)
      abstract (>= 1.0.0)
    exception_notification (2.6.1)
      actionmailer (>= 3.0.4)
    formtastic (1.2.1)
      actionpack (>= 2.3.7)
      activesupport (>= 2.3.7)
      i18n (>= 0.4.0)
    haml (3.1.7)
    i18n (0.6.1)
    jquery-rails (1.0.19)
      railties (~> 3.0)
      thor (~> 0.14)
    mail (2.2.19)
      activesupport (>= 2.3.6)
      i18n (>= 0.4.0)
      mime-types (~> 1.16)
      treetop (~> 1.4.8)
    mime-types (1.19)
    mimetype-fu (0.1.2)
    nokogiri (1.5.5)
    paperclip (2.3.16)
      activerecord (>= 2.3.0)
      activesupport (>= 2.3.2)
      cocaine (>= 0.0.2)
      mime-types
    pg (0.14.1)
    polyglot (0.3.3)
    rack (1.2.5)
    rack-mount (0.6.14)
      rack (>= 1.0.0)
    rack-test (0.5.7)
      rack (>= 1.0)
    rails (3.0.4)
      actionmailer (= 3.0.4)
      actionpack (= 3.0.4)
      activerecord (= 3.0.4)
      activeresource (= 3.0.4)
      activesupport (= 3.0.4)
      bundler (~> 1.0)
      railties (= 3.0.4)
    rails3_acts_as_paranoid (0.0.9)
      activerecord (~> 3.0)
    railties (3.0.4)
      actionpack (= 3.0.4)
      activesupport (= 3.0.4)
      rake (>= 0.8.7)
      thor (~> 0.14.4)
    rake (0.9.2.2)
    sqlite3 (1.3.6)
    sqlite3-ruby (1.3.3)
      sqlite3 (>= 1.3.3)
    ssl_requirement (0.1.0)
    thor (0.14.6)
    timeliness (0.3.7)
    treetop (1.4.11)
      polyglot
      polyglot (>= 0.3.1)
    tzinfo (0.3.33)
    validates_timeliness (3.0.14)
      timeliness (~> 0.3.6)
    wicked_pdf (0.7.9)
    xml-simple (1.1.1)

PLATFORMS
  ruby

DEPENDENCIES
  active_layer!
  acts_as_list_with_sti_support
  attribute_normalizer
  awesome_print!
  aws-s3
  exception_notification
  formtastic (= 1.2.1)
  haml (>= 3.0.25)
  jquery-rails
  mimetype-fu
  paperclip (~> 2.3.8)
  pg
  rails (= 3.0.4)
  rails3_acts_as_paranoid
  rake (>= 0.8.7)
  sanitize!
  sqlite3-ruby
  ssl_requirement (~> 0.1.0)
  validates_timeliness (~> 3.0.2)
  validation_reflection!
  wicked_pdf
