GIT
  remote: git://github.com/adamcooper/active_layer.git
  revision: 1ec503eee927d8367cc7521b0f05453e92f318b1
  specs:
    active_layer (0.0.10)
      activemodel (~> 3.0.0)
      activesupport (~> 3.0.0)

GIT
  remote: git://github.com/danielb2/awesome_print.git
  revision: 11294ec164f3374fc5efe1dec01811262c85a16b
  specs:
    awesome_print (0.2.0)

GIT
  remote: git://github.com/redinger/validation_reflection.git
  revision: 97f2e85bf4e4ab764dc1cd912b82bcf87ef7e4b8
  specs:
    validation_reflection (1.0.0)

GIT
  remote: git://github.com/rgrove/sanitize.git
  revision: 4925ac8058320fa587b6bdd7556fdf76e2ad5d31
  specs:
    sanitize (2.0.3)
      nokogiri (>= 1.4.4, < 1.6)

GEM
  remote: http://rubygems.org/
  specs:
    abstract (1.0.0)
    actionmailer (3.0.4)
      actionpack (= 3.0.4)
      mail (~> 2.2.15)
    actionpack (3.0.4)
      activemodel (= 3.0.4)
      activesupport (= 3.0.4)
      builder (~> 2.1.2)
      erubis (~> 2.6.6)
      i18n (~> 0.4)
      rack (~> 1.2.1)
      rack-mount (~> 0.6.13)
      rack-test (~> 0.5.7)
      tzinfo (~> 0.3.23)
    activeadmin (0.3.4)
      devise (>= 1.1.2)
      fastercsv
      formtastic (< 2.0.0)
      inherited_resources (< 1.3.0)
      kaminari (>= 0.12.4)
      meta_search (>= 0.9.2)
      rails (>= 3.0.0)
      sass (>= 3.1.0)
    activemodel (3.0.4)
      activesupport (= 3.0.4)
      builder (~> 2.1.2)
      i18n (~> 0.4)
    activerecord (3.0.4)
      activemodel (= 3.0.4)
      activesupport (= 3.0.4)
      arel (~> 2.0.2)
      tzinfo (~> 0.3.23)
    activeresource (3.0.4)
      activemodel (= 3.0.4)
      activesupport (= 3.0.4)
    activesupport (3.0.4)
    arel (2.0.10)
    attribute_normalizer (1.1.0)
    aws-s3 (0.6.3)
      builder
      mime-types
      xml-simple
    bcrypt-ruby (3.0.1)
    builder (2.1.2)
    cocaine (0.2.1)
    devise (1.5.3)
      bcrypt-ruby (~> 3.0)
      orm_adapter (~> 0.0.3)
      warden (~> 1.1)
    erubis (2.6.6)
      abstract (>= 1.0.0)
    exception_notification (2.6.1)
      actionmailer (>= 3.0.4)
    fastercsv (1.5.3)
    formtastic (1.2.1)
      actionpack (>= 2.3.7)
      activesupport (>= 2.3.7)
      i18n (>= 0.4.0)
    haml (3.1.6)
    has_scope (0.5.1)
    i18n (0.6.0)
    inherited_resources (1.2.2)
      has_scope (~> 0.5.0)
      responders (~> 0.6.0)
    jquery-rails (1.0.19)
      railties (~> 3.0)
      thor (~> 0.14)
    kaminari (0.13.0)
      actionpack (>= 3.0.0)
      activesupport (>= 3.0.0)
      railties (>= 3.0.0)
    mail (2.2.19)
      activesupport (>= 2.3.6)
      i18n (>= 0.4.0)
      mime-types (~> 1.16)
      treetop (~> 1.4.8)
    meta_search (1.0.6)
      actionpack (~> 3.0.2)
      activerecord (~> 3.0.2)
      activesupport (~> 3.0.2)
      arel (~> 2.0.2)
    mime-types (1.18)
    mimetype-fu (0.1.2)
    nokogiri (1.5.4)
    orm_adapter (0.0.7)
    paperclip (2.3.16)
      activerecord (>= 2.3.0)
      activesupport (>= 2.3.2)
      cocaine (>= 0.0.2)
      mime-types
    polyglot (0.3.3)
    rack (1.2.5)
    rack-mount (0.6.14)
      rack (>= 1.0.0)
    rack-test (0.5.7)
      rack (>= 1.0)
    rails (3.0.4)
      actionmailer (= 3.0.4)
      actionpack (= 3.0.4)
      activerecord (= 3.0.4)
      activeresource (= 3.0.4)
      activesupport (= 3.0.4)
      bundler (~> 1.0)
      railties (= 3.0.4)
    railties (3.0.4)
      actionpack (= 3.0.4)
      activesupport (= 3.0.4)
      rake (>= 0.8.7)
      thor (~> 0.14.4)
    rake (0.9.2.2)
    responders (0.6.5)
    sass (3.1.19)
    sqlite3 (1.3.6)
    sqlite3-ruby (1.3.3)
      sqlite3 (>= 1.3.3)
    ssl_requirement (0.1.0)
    thor (0.14.6)
    timeliness (0.3.6)
    treetop (1.4.10)
      polyglot
      polyglot (>= 0.3.1)
    tzinfo (0.3.33)
    validates_timeliness (3.0.11)
      timeliness (~> 0.3.6)
    warden (1.2.0)
      rack (>= 1.0)
    wicked_pdf (0.7.9)
    xml-simple (1.1.1)

PLATFORMS
  ruby

DEPENDENCIES
  active_layer!
  activeadmin
  attribute_normalizer
  awesome_print!
  aws-s3
  exception_notification
  fastercsv (= 1.5.3)
  formtastic (= 1.2.1)
  haml (>= 3.0.25)
  jquery-rails
  mimetype-fu
  paperclip (~> 2.3.8)
  rails (= 3.0.4)
  rake (>= 0.8.7)
  sanitize!
  sqlite3-ruby
  ssl_requirement (~> 0.1.0)
  validates_timeliness (~> 3.0.2)
  validation_reflection!
  wicked_pdf
